PATH
  remote: .
  specs:
    crazylegs (0.0.1)
      ruby-hmac (~> 0.4.0)

GEM
  remote: http://rubygems.org/
  specs:
    gash (0.1.3)
      open4 (>= 0, = 0.9.6)
    grancher (0.1.5)
      gash
    json (1.5.1)
    open4 (0.9.6)
    rake (0.8.7)
    rcov (0.9.9)
    rdoc (2.4.3)
    ruby-hmac (0.4.0)
    sdoc (0.2.20)
      json (>= 1.1.3)
      rdoc (= 2.4.3)

PLATFORMS
  ruby

DEPENDENCIES
  crazylegs!
  grancher (~> 0.1.5)
  rake
  rcov
  rdoc
  sdoc
