PATH
  remote: .
  specs:
    crazylegs (0.0.1)
      httparty
      ruby-hmac (>= 0.4.0)

GEM
  remote: http://rubygems.org/
  specs:
    crack (0.1.8)
    httparty (0.7.7)
      crack (= 0.1.8)
    json (1.5.1)
    rake (0.8.7)
    rcov (0.9.9)
    rdoc (2.4.3)
    ruby-hmac (0.4.0)
    sdoc (0.2.20)
      json (>= 1.1.3)
      rdoc (= 2.4.3)

PLATFORMS
  ruby

DEPENDENCIES
  crazylegs!
  rake
  rcov
  rdoc
  sdoc
